GEM
  remote: https://rubygems.org/
  specs:
    httparty (0.13.1)
      json (~> 1.8)
      multi_xml (>= 0.5.2)
    json (1.8.1)
    license_finder (1.1.0)
      bundler
      httparty
      sequel
      sqlite3
      thor
      xml-simple
    multi_xml (0.5.5)
    sequel (4.12.0)
    sqlite3 (1.3.9)
    thor (0.19.1)
    xml-simple (1.1.4)

PLATFORMS
  ruby

DEPENDENCIES
  license_finder
